GEM
  remote: http://rubygems.org/
  specs:
    backports (2.6.3)
    builder (3.0.0)
    crypt-isaac (0.9.1)
    eventmachine (0.12.10)
    haml (3.1.7)
    json (1.7.4)
    jwt (0.1.5)
      multi_json (>= 1.0)
    kgio (2.7.4)
    multi_json (1.3.6)
    nexmo (0.3.1)
      json (~> 1.5)
    rack (1.4.1)
    rack-protection (1.2.0)
      rack
    rack-test (0.6.1)
      rack (>= 1.0)
    rack-throttle (0.3.0)
      rack (>= 1.0.0)
    raindrops (0.10.0)
    redis (3.0.1)
    redis-namespace (1.2.1)
      redis (~> 3.0.0)
    shotgun (0.9)
      rack (>= 1.0)
    sinatra (1.3.2)
      rack (~> 1.3, >= 1.3.6)
      rack-protection (~> 1.2)
      tilt (~> 1.3, >= 1.3.3)
    sinatra-contrib (1.3.1)
      backports (>= 2.0)
      eventmachine
      rack-protection
      rack-test
      sinatra (~> 1.3.0)
      tilt (~> 1.3)
    tilt (1.3.3)
    twilio-ruby (3.8.0)
      builder (>= 2.1.2)
      jwt (>= 0.1.2)
      multi_json (>= 1.3.0)
    unicorn (4.3.1)
      kgio (~> 2.6)
      rack
      raindrops (~> 0.7)

PLATFORMS
  ruby

DEPENDENCIES
  builder
  crypt-isaac
  haml
  nexmo
  rack-protection
  rack-throttle
  redis
  redis-namespace
  shotgun
  sinatra
  sinatra-contrib
  twilio-ruby
  unicorn
